GEM
  remote: https://rubygems.org/
  specs:
    grpc-tools (1.6.6)

PLATFORMS
  ruby

DEPENDENCIES
  grpc-tools

RUBY VERSION
   ruby 2.3.0p0

BUNDLED WITH
   1.15.3
